PATH
  remote: .
  specs:
    fron-acr (0.1.0)
      activesupport
      cancancan (~> 1.10)
      opal (~> 0.6.2)
      sprockets (~> 2.12.3)

GEM
  remote: https://rubygems.org/
  specs:
    activesupport (4.2.0)
      i18n (~> 0.7)
      json (~> 1.7, >= 1.7.7)
      minitest (~> 5.1)
      thread_safe (~> 0.3, >= 0.3.4)
      tzinfo (~> 1.1)
    cancancan (1.10.1)
    hike (1.2.3)
    i18n (0.7.0)
    json (1.8.2)
    minitest (5.5.1)
    multi_json (1.10.1)
    opal (0.6.3)
      source_map
      sprockets
    opal-rspec (0.3.0.beta3)
      opal (>= 0.6.0, < 1.0.0)
    rack (1.6.0)
    source_map (3.0.1)
      json
    sprockets (2.12.3)
      hike (~> 1.2)
      multi_json (~> 1.0)
      rack (~> 1.0)
      tilt (~> 1.1, != 1.3.0)
    thread_safe (0.3.4)
    tilt (1.4.1)
    tzinfo (1.2.2)
      thread_safe (~> 0.1)

PLATFORMS
  ruby

DEPENDENCIES
  fron-acr!
  opal-rspec (~> 0.3.0.beta3)
  rack
